GEM
  remote: https://rubygems.org/
  specs:
    mini_portile2 (2.8.5)
    nokogiri (1.15.4)
      mini_portile2 (~> 2.8.2)
      racc (~> 1.4)
    pkg-config (1.5.5)
    racc (1.7.1)
    rexml (3.2.6)
    rmagick (5.3.0)
      pkg-config (~> 1.4)
    rubyzip (2.3.2)
    selenium-webdriver (4.14.0)
      rexml (~> 3.2, >= 3.2.5)
      rubyzip (>= 1.2.2, < 3.0)
      websocket (~> 1.0)
    websocket (1.2.10)

PLATFORMS
  ruby

DEPENDENCIES
  nokogiri
  rmagick
  selenium-webdriver

BUNDLED WITH
   1.13.6
